PATH
  remote: .
  specs:
    pony (1.13.2)
      base64 (> 0)
      mail (>= 2.0)

GEM
  remote: https://rubygems.org/
  specs:
    base64 (0.2.0)
    date (3.3.4)
    diff-lcs (1.3)
    mail (2.8.1)
      mini_mime (>= 0.1.1)
      net-imap
      net-pop
      net-smtp
    mini_mime (1.1.5)
    net-imap (0.4.10)
      date
      net-protocol
    net-pop (0.1.2)
      net-protocol
    net-protocol (0.2.2)
      timeout
    net-smtp (0.5.0)
      net-protocol
    rake (13.0.1)
    rspec (3.9.0)
      rspec-core (~> 3.9.0)
      rspec-expectations (~> 3.9.0)
      rspec-mocks (~> 3.9.0)
    rspec-core (3.9.1)
      rspec-support (~> 3.9.1)
    rspec-expectations (3.9.1)
      diff-lcs (>= 1.2.0, < 2.0)
      rspec-support (~> 3.9.0)
    rspec-mocks (3.9.1)
      diff-lcs (>= 1.2.0, < 2.0)
      rspec-support (~> 3.9.0)
    rspec-support (3.9.2)
    timeout (0.4.1)

PLATFORMS
  ruby

DEPENDENCIES
  pony!
  rake
  rspec (>= 2.14)

BUNDLED WITH
   2.0.1
